GEM
  remote: https://rubygems.org/
  specs:
    activemodel (3.2.6)
      activesupport (= 3.2.6)
      builder (~> 3.0.0)
    activesupport (3.2.6)
      i18n (~> 0.6)
      multi_json (~> 1.0)
    addressable (2.3.2)
    awesome_print (1.0.2)
    bitly (0.7.0)
      crack (>= 0.1.4)
      httparty (>= 0.7.6)
      oauth2 (~> 0.5.0)
    bson (1.6.4)
    bson_ext (1.6.4)
      bson (~> 1.6.4)
    builder (3.0.0)
    crack (0.3.1)
    dante (0.1.5)
    faraday (0.8.1)
      multipart-post (~> 1.1)
    hashie (1.2.0)
    httparty (0.8.3)
      multi_json (~> 1.0)
      multi_xml
    i18n (0.6.0)
    json (1.7.4)
    mime-types (1.19)
    mongo (1.6.4)
      bson (~> 1.6.4)
    mongo_mapper (0.11.1)
      activemodel (~> 3.0)
      activesupport (~> 3.0)
      plucky (~> 0.4.0)
    multi_json (1.3.6)
    multi_xml (0.5.1)
    multipart-post (1.1.5)
    nokogiri (1.5.5)
    oauth2 (0.5.2)
      faraday (~> 0.7)
      multi_json (~> 1.0)
    plucky (0.4.4)
      mongo (~> 1.5)
    rest-client (1.6.7)
      mime-types (>= 1.16)
    times_wire (0.8.0)

PLATFORMS
  ruby

DEPENDENCIES
  addressable
  awesome_print
  bitly
  bson_ext
  dante
  hashie
  json
  mongo_mapper
  nokogiri
  rest-client (~> 1.6.7)
  times_wire (~> 0.8.0)
